GEM
  remote: https://rubygems.org/
  specs:
    concurrent-ruby (1.1.5)
    faker (1.9.6)
      i18n (>= 0.7)
    i18n (1.7.0)
      concurrent-ruby (~> 1.0)

PLATFORMS
  ruby

DEPENDENCIES
  faker (~> 1.9)

BUNDLED WITH
   2.1.4
